GEM
  remote: https://rubygems.org/
  specs:
    chunky_png (1.3.3)
    compass (1.0.1)
      chunky_png (~> 1.2)
      compass-core (~> 1.0.1)
      compass-import-once (~> 1.0.5)
      rb-fsevent (>= 0.9.3)
      rb-inotify (>= 0.9)
      sass (>= 3.3.13, < 3.5)
    compass-core (1.0.1)
      multi_json (~> 1.0)
      sass (>= 3.3.0, < 3.5)
    compass-import-once (1.0.5)
      sass (>= 3.2, < 3.5)
    ffi (1.9.6-x86-mingw32)
    kramdown (1.11.1)
    listen (3.0.5)
      rb-fsevent (>= 0.9.3)
      rb-inotify (>= 0.9)
    multi_json (1.11.2)
    rake (10.4.2)
    rb-fsevent (0.9.4)
    rb-inotify (0.9.5)
      ffi (>= 0.5.0)
    rouge (1.7.7)
    sass (3.4.20)
    wdm (0.1.1)

PLATFORMS
  x86-mingw32

DEPENDENCIES
  compass
  kramdown
  listen (~> 3.0)
  rake
  rouge
  wdm (>= 0.1.0)

BUNDLED WITH
   1.11.2
